GEM
  remote: http://rubygems.org/
  specs:
    diff-lcs (1.1.2)
    fakefs (0.2.1)
    hpricot (0.8.2)
    json (1.5.1)
    mime-types (1.16)
    mustache (0.11.2)
    parka (0.3.1)
      rest-client
      thor
    rake (0.8.7)
    rcov (0.9.8)
    rdiscount (1.6.5)
    rest-client (1.6.0)
      mime-types (>= 1.16)
    ronn (0.7.3)
      hpricot (>= 0.8.2)
      mustache (>= 0.7.0)
      rdiscount (>= 1.5.8)
    rr (1.0.2)
    rspec (2.0.1)
      rspec-core (~> 2.0.1)
      rspec-expectations (~> 2.0.1)
      rspec-mocks (~> 2.0.1)
    rspec-core (2.0.1)
    rspec-expectations (2.0.1)
      diff-lcs (>= 1.1.2)
    rspec-mocks (2.0.1)
      rspec-core (~> 2.0.1)
      rspec-expectations (~> 2.0.1)
    term-ansicolor (1.0.5)
    thor (0.14.6)

PLATFORMS
  ruby

DEPENDENCIES
  fakefs (~> 0.2.1)
  json (~> 1.5.1)
  parka
  rake
  rcov (~> 0.9.8)
  ronn
  rr (~> 1.0.2)
  rspec (~> 2.0.0)
  term-ansicolor (~> 1.0.5)
  thor (>= 0.13.6)
